GEM
  remote: https://rubygems.org/
  specs:
    ffi (1.11.3)
    listen (3.1.5)
      rb-fsevent (~> 0.9, >= 0.9.4)
      rb-inotify (~> 0.9, >= 0.9.7)
      ruby_dep (~> 1.2)
    rb-fsevent (0.10.3)
    rb-inotify (0.10.0)
      ffi (~> 1.0)
    ruby_dep (1.5.0)

PLATFORMS
  ruby

DEPENDENCIES
  bundler (= 2.0.2)
  listen (= 3.1.5)

BUNDLED WITH
   2.0.2
