GEM
  remote: https://rubygems.org/
  specs:

PLATFORMS
  ruby

DEPENDENCIES
  bundler (= 2.0.2)

BUNDLED WITH
   2.0.2
